GEM
  remote: https://rubygems.org/
  specs:
    diff-lcs (1.5.1)
    language_server-protocol (3.17.0.3)
    liquid (4.0.4)
    mini_portile2 (2.8.5)
    nokogiri (1.16.2)
      mini_portile2 (~> 2.8.2)
      racc (~> 1.4)
    nokogiri (1.16.2-arm64-darwin)
      racc (~> 1.4)
    prism (0.24.0)
    racc (1.7.3)
    rake (13.0.6)
    rspec (3.13.0)
      rspec-core (~> 3.13.0)
      rspec-expectations (~> 3.13.0)
      rspec-mocks (~> 3.13.0)
    rspec-core (3.13.0)
      rspec-support (~> 3.13.0)
    rspec-expectations (3.13.0)
      diff-lcs (>= 1.2.0, < 2.0)
      rspec-support (~> 3.13.0)
    rspec-mocks (3.13.0)
      diff-lcs (>= 1.2.0, < 2.0)
      rspec-support (~> 3.13.0)
    rspec-support (3.13.0)
    ruby-lsp (0.14.3)
      language_server-protocol (~> 3.17.0)
      prism (>= 0.22.0, < 0.25)
      sorbet-runtime (>= 0.5.10782)
    sorbet-runtime (0.5.11284)
    thor (1.3.1)

PLATFORMS
  arm64-darwin-22
  ruby

DEPENDENCIES
  liquid (~> 4.0.4)
  nokogiri (~> 1.16.2)
  rake (~> 13.0.3)
  rspec (~> 3.13)
  ruby-lsp
  thor (~> 1.3.0)

BUNDLED WITH
   2.5.6
